GEM
  remote: https://rubygems.org/
  specs:
    gdal (3.0.0)
    nokogiri (1.16.5-aarch64-linux)
      racc (~> 1.4)
    nokogiri (1.16.5-arm64-darwin)
      racc (~> 1.4)
    nokogiri (1.16.5-x86_64-darwin)
      racc (~> 1.4)
    nokogiri (1.16.5-x86_64-linux)
      racc (~> 1.4)
    racc (1.8.0)
    rubyzip (2.3.2)

PLATFORMS
  aarch64-linux
  arm64-darwin-22
  x86_64-darwin-21
  x86_64-linux

DEPENDENCIES
  gdal (~> 3.0)
  nokogiri
  rubyzip

BUNDLED WITH
   2.4.10
